GEM
  remote: https://rubygems.org/
  specs:
    concurrent-ruby (1.0.1)
    connection_pool (2.2.0)
    dotenv (2.1.1)
    faraday (0.9.2)
      multipart-post (>= 1.2, < 3)
    foreman (0.78.0)
      thor (~> 0.19.1)
    multipart-post (2.0.0)
    rack (1.6.4)
    rack-protection (1.5.3)
      rack
    redis (3.2.2)
    redis-namespace (1.5.2)
      redis (~> 3.0, >= 3.0.4)
    sidekiq (4.1.1)
      concurrent-ruby (~> 1.0)
      connection_pool (~> 2.2, >= 2.2.0)
      redis (~> 3.2, >= 3.2.1)
    sinatra (1.4.7)
      rack (~> 1.5)
      rack-protection (~> 1.4)
      tilt (>= 1.3, < 3)
    thor (0.19.1)
    tilt (2.0.2)

PLATFORMS
  ruby

DEPENDENCIES
  dotenv (~> 2.1)
  faraday (~> 0.9.2)
  foreman (~> 0.78.0)
  redis-namespace (~> 1.5, >= 1.5.2)
  sidekiq (~> 4.1, >= 4.1.1)
  sinatra (~> 1.4, >= 1.4.7)

BUNDLED WITH
   1.11.2
